GEM
  remote: https://rubygems.org/
  specs:
    anki (0.0.3)

PLATFORMS
  ruby

DEPENDENCIES
  anki (= 0.0.3)

BUNDLED WITH
   1.11.2
